GEM
  remote: https://rubygems.org/
  specs:
    nmap-parser (0.3.5)

PLATFORMS
  x86_64-linux

DEPENDENCIES
  nmap-parser

BUNDLED WITH
   2.4.22
